PATH
  remote: .
  specs:
    circleci (2.0.2)

GEM
  remote: https://rubygems.org/
  specs:
    addressable (2.7.0)
      public_suffix (>= 2.0.2, < 5.0)
    ast (2.4.0)
    byebug (11.0.0)
    coderay (1.1.2)
    crack (0.4.3)
      safe_yaml (~> 1.0.0)
    diff-lcs (1.3)
    docile (1.3.2)
    dotenv (2.7.5)
    ethon (0.11.0)
      ffi (>= 1.3.0)
    ffi (1.9.25)
    gemcutter (0.7.1)
    hashdiff (1.0.0)
    jaro_winkler (1.5.2)
    json (2.2.0)
    method_source (0.9.2)
    multi_json (1.13.1)
    parallel (1.14.0)
    parser (2.6.0.0)
      ast (~> 2.4.0)
    pry (0.12.2)
      coderay (~> 1.1.0)
      method_source (~> 0.9.0)
    pry-byebug (3.7.0)
      byebug (~> 11.0)
      pry (~> 0.10)
    pry-doc (1.0.0)
      pry (~> 0.11)
      yard (~> 0.9.11)
    psych (3.1.0)
    public_suffix (2.0.5)
    rainbow (3.0.0)
    rake (12.3.3)
    redcarpet (3.5.0)
    rspec (3.8.0)
      rspec-core (~> 3.8.0)
      rspec-expectations (~> 3.8.0)
      rspec-mocks (~> 3.8.0)
    rspec-core (3.8.0)
      rspec-support (~> 3.8.0)
    rspec-expectations (3.8.1)
      diff-lcs (>= 1.2.0, < 2.0)
      rspec-support (~> 3.8.0)
    rspec-mocks (3.8.0)
      diff-lcs (>= 1.2.0, < 2.0)
      rspec-support (~> 3.8.0)
    rspec-support (3.8.0)
    rspec_junit_formatter (0.4.1)
      rspec-core (>= 2, < 4, != 2.12.0)
    rubocop (0.66.0)
      jaro_winkler (~> 1.5.1)
      parallel (~> 1.10)
      parser (>= 2.5, != 2.5.1.1)
      psych (>= 3.1.0)
      rainbow (>= 2.2.2, < 4.0)
      ruby-progressbar (~> 1.7)
      unicode-display_width (>= 1.4.0, < 1.6)
    ruby-progressbar (1.10.0)
    safe_yaml (1.0.5)
    simplecov (0.17.0)
      docile (~> 1.1)
      json (>= 1.8, < 3)
      simplecov-html (~> 0.10.0)
    simplecov-html (0.10.2)
    typhoeus (1.3.1)
      ethon (>= 0.9.0)
    unicode-display_width (1.5.0)
    vcr (4.0.0)
    webmock (3.7.2)
      addressable (>= 2.3.6)
      crack (>= 0.3.2)
      hashdiff (>= 0.4.0, < 2.0.0)
    yard (0.9.20)

PLATFORMS
  ruby

DEPENDENCIES
  circleci!
  dotenv (~> 2.7.1)
  gemcutter (~> 0.7.1)
  multi_json (~> 1.13.1)
  pry (~> 0.12.0)
  pry-byebug (~> 3.7.0)
  pry-doc (~> 1.0.0)
  rake (~> 12.3.1)
  redcarpet (~> 3.5.0)
  rspec (~> 3.8.0)
  rspec_junit_formatter (~> 0.4.1)
  rubocop (~> 0.66.0)
  simplecov (~> 0.17.0)
  typhoeus (~> 1.3.0)
  vcr (~> 4.0.0)
  webmock (~> 3.7.1)
  yard (~> 0.9.11)

BUNDLED WITH
   1.16.5
