PATH
  remote: .
  specs:
    circleci (1.0.3)

GEM
  remote: https://rubygems.org/
  specs:
    addressable (2.5.0)
      public_suffix (~> 2.0, >= 2.0.2)
    ast (2.3.0)
    builder (3.2.2)
    coderay (1.1.1)
    coveralls (0.8.17)
      json (>= 1.8, < 3)
      simplecov (~> 0.12.0)
      term-ansicolor (~> 1.3)
      thor (~> 0.19.1)
      tins (~> 1.6)
    crack (0.4.3)
      safe_yaml (~> 1.0.0)
    diff-lcs (1.2.5)
    docile (1.1.5)
    dotenv (2.1.1)
    ethon (0.10.1)
      ffi (>= 1.3.0)
    ffi (1.9.14)
    gemcutter (0.7.1)
    hashdiff (0.3.2)
    immutable-struct (2.2.2)
    json (2.0.2)
    method_source (0.8.2)
    multi_json (1.12.1)
    parser (2.3.3.1)
      ast (~> 2.2)
    powerpack (0.1.1)
    pry (0.10.4)
      coderay (~> 1.1.0)
      method_source (~> 0.8.1)
      slop (~> 3.4)
    public_suffix (2.0.5)
    rainbow (2.2.1)
    rake (11.2.2)
    redcarpet (3.3.4)
    rspec (3.5.0)
      rspec-core (~> 3.5.0)
      rspec-expectations (~> 3.5.0)
      rspec-mocks (~> 3.5.0)
    rspec-core (3.5.4)
      rspec-support (~> 3.5.0)
    rspec-expectations (3.5.0)
      diff-lcs (>= 1.2.0, < 2.0)
      rspec-support (~> 3.5.0)
    rspec-mocks (3.5.0)
      diff-lcs (>= 1.2.0, < 2.0)
      rspec-support (~> 3.5.0)
    rspec-support (3.5.0)
    rspec_junit_formatter (0.2.3)
      builder (< 4)
      rspec-core (>= 2, < 4, != 2.12.0)
    rubocop (0.42.0)
      parser (>= 2.3.1.1, < 3.0)
      powerpack (~> 0.1)
      rainbow (>= 1.99.1, < 3.0)
      ruby-progressbar (~> 1.7)
      unicode-display_width (~> 1.0, >= 1.0.1)
    ruby-progressbar (1.8.1)
    safe_yaml (1.0.4)
    simplecov (0.12.0)
      docile (~> 1.1.0)
      json (>= 1.8, < 3)
      simplecov-html (~> 0.10.0)
    simplecov-html (0.10.0)
    slop (3.6.0)
    term-ansicolor (1.4.0)
      tins (~> 1.0)
    thor (0.19.4)
    tins (1.13.0)
    typhoeus (1.1.2)
      ethon (>= 0.9.0)
    unicode-display_width (1.1.2)
    vcr (3.0.3)
    webmock (2.1.0)
      addressable (>= 2.3.6)
      crack (>= 0.3.2)
      hashdiff
    yard (0.9.7)

PLATFORMS
  ruby

DEPENDENCIES
  circleci!
  coveralls (~> 0.8.14, >= 0.8.14)
  dotenv (~> 2.1.1, >= 2.1.1)
  gemcutter (~> 0.7.1, >= 0.7.1)
  immutable-struct (~> 2.2.2, >= 2.2.2)
  multi_json (~> 1.12.1, >= 1.12.1)
  pry (~> 0.10.4, >= 0.10.4)
  rake (~> 11.2.2, >= 11.2.2)
  redcarpet (~> 3.3.4, >= 3.3.4)
  rspec (~> 3.5.0, >= 3.5.0)
  rspec_junit_formatter (= 0.2.3)
  rubocop (~> 0.42.0, >= 0.42.0)
  simplecov (~> 0.12.0, >= 0.12.0)
  typhoeus (~> 1.1.0, >= 1.1.0)
  vcr (~> 3.0.3, >= 3.0.3)
  webmock (~> 2.1.0, >= 2.1.0)
  yard (~> 0.9.5, >= 0.9.5)

BUNDLED WITH
   1.13.7
