PATH
  remote: .
  specs:
    circleci (2.0.2)

GEM
  remote: https://rubygems.org/
  specs:
    addressable (2.5.2)
      public_suffix (>= 2.0.2, < 4.0)
    ast (2.4.0)
    byebug (10.0.2)
    coderay (1.1.2)
    crack (0.4.3)
      safe_yaml (~> 1.0.0)
    diff-lcs (1.3)
    docile (1.3.1)
    dotenv (2.5.0)
    ethon (0.10.1)
      ffi (>= 1.3.0)
    ffi (1.9.18)
    gemcutter (0.7.1)
    hashdiff (0.3.7)
    json (2.1.0)
    method_source (0.9.0)
    multi_json (1.13.1)
    parallel (1.12.1)
    parser (2.5.1.2)
      ast (~> 2.4.0)
    powerpack (0.1.2)
    pry (0.11.3)
      coderay (~> 1.1.0)
      method_source (~> 0.9.0)
    pry-byebug (3.6.0)
      byebug (~> 10.0)
      pry (~> 0.10)
    pry-doc (0.13.4)
      pry (~> 0.11)
      yard (~> 0.9.11)
    public_suffix (3.0.2)
    rainbow (2.2.2)
      rake
    rake (12.3.1)
    redcarpet (3.4.0)
    rspec (3.7.0)
      rspec-core (~> 3.7.0)
      rspec-expectations (~> 3.7.0)
      rspec-mocks (~> 3.7.0)
    rspec-core (3.7.1)
      rspec-support (~> 3.7.0)
    rspec-expectations (3.7.0)
      diff-lcs (>= 1.2.0, < 2.0)
      rspec-support (~> 3.7.0)
    rspec-mocks (3.7.0)
      diff-lcs (>= 1.2.0, < 2.0)
      rspec-support (~> 3.7.0)
    rspec-support (3.7.1)
    rspec_junit_formatter (0.4.1)
      rspec-core (>= 2, < 4, != 2.12.0)
    rubocop (0.50.0)
      parallel (~> 1.10)
      parser (>= 2.3.3.1, < 3.0)
      powerpack (~> 0.1)
      rainbow (>= 2.2.2, < 3.0)
      ruby-progressbar (~> 1.7)
      unicode-display_width (~> 1.0, >= 1.0.1)
    ruby-progressbar (1.9.0)
    safe_yaml (1.0.4)
    simplecov (0.16.1)
      docile (~> 1.1)
      json (>= 1.8, < 3)
      simplecov-html (~> 0.10.0)
    simplecov-html (0.10.2)
    typhoeus (1.3.0)
      ethon (>= 0.9.0)
    unicode-display_width (1.4.0)
    vcr (4.0.0)
    webmock (3.4.2)
      addressable (>= 2.3.6)
      crack (>= 0.3.2)
      hashdiff
    yard (0.9.14)

PLATFORMS
  ruby

DEPENDENCIES
  circleci!
  dotenv (~> 2.5.0)
  gemcutter (~> 0.7.1)
  multi_json (~> 1.13.1)
  pry (~> 0.11.3)
  pry-byebug (~> 3.6.0)
  pry-doc (~> 0.13.4)
  rake (~> 12.3.1)
  redcarpet (~> 3.4.0)
  rspec (~> 3.7.0)
  rspec_junit_formatter (~> 0.4.1)
  rubocop (~> 0.50.0)
  simplecov (~> 0.16.1)
  typhoeus (~> 1.3.0)
  vcr (~> 4.0.0)
  webmock (~> 3.4.2)
  yard (~> 0.9.11)

BUNDLED WITH
   1.16.1
