GIT
  remote: git@github.com:circleci/rspec_junit_formatter.git
  revision: 7b098c8ab2ac5e5f78190b51629ed6d67a9de4d1
  specs:
    rspec_junit_formatter (0.2.0)
      builder (< 4)
      rspec (>= 2, < 4)
      rspec-core (!= 2.12.0)

PATH
  remote: .
  specs:
    circleci (0.1.1)
      rest-client (~> 1.6)

GEM
  remote: https://rubygems.org/
  specs:
    addressable (2.3.8)
    bigdecimal (1.2.7)
    builder (3.2.2)
    coderay (1.1.0)
    coveralls (0.7.12)
      multi_json (~> 1.10)
      rest-client (>= 1.6.8, < 2)
      simplecov (~> 0.9.1)
      term-ansicolor (~> 1.3)
      thor (~> 0.19.1)
    crack (0.4.2)
      safe_yaml (~> 1.0.0)
    diff-lcs (1.2.5)
    docile (1.1.5)
    domain_name (0.5.23)
      unf (>= 0.0.5, < 1.0.0)
    dotenv (2.0.0)
    ethon (0.7.3)
      ffi (>= 1.3.0)
    ffi (1.9.8)
    gemcutter (0.7.1)
    http-cookie (1.0.2)
      domain_name (~> 0.5)
    json (1.8.3)
    method_source (0.8.2)
    mime-types (2.4.3)
    multi_json (1.11.0)
    netrc (0.10.3)
    pry (0.10.1)
      coderay (~> 1.1.0)
      method_source (~> 0.8.1)
      slop (~> 3.4)
    rake (10.4.2)
    redcarpet (3.2.2)
    rest-client (1.8.0)
      http-cookie (>= 1.0.2, < 2.0)
      mime-types (>= 1.16, < 3.0)
      netrc (~> 0.7)
    rspec (2.14.1)
      rspec-core (~> 2.14.0)
      rspec-expectations (~> 2.14.0)
      rspec-mocks (~> 2.14.0)
    rspec-core (2.14.8)
    rspec-expectations (2.14.5)
      diff-lcs (>= 1.1.3, < 2.0)
    rspec-mocks (2.14.6)
    safe_yaml (1.0.4)
    simplecov (0.9.2)
      docile (~> 1.1.0)
      multi_json (~> 1.0)
      simplecov-html (~> 0.9.0)
    simplecov-html (0.9.0)
    slop (3.6.0)
    term-ansicolor (1.3.0)
      tins (~> 1.0)
    thor (0.19.1)
    tins (1.3.5)
    typhoeus (0.7.1)
      ethon (>= 0.7.1)
    unf (0.1.4)
      unf_ext
    unf_ext (0.0.6)
    vcr (2.9.3)
    webmock (1.21.0)
      addressable (>= 2.3.6)
      crack (>= 0.3.2)
    yard (0.8.7.6)

PLATFORMS
  ruby

DEPENDENCIES
  bigdecimal
  circleci!
  coveralls (~> 0.7.12, >= 0.7.12)
  dotenv (~> 2.0.0, >= 2.0.0)
  gemcutter (~> 0.7.1, >= 0.7.1)
  json
  pry (~> 0.10.1, >= 0.10.1)
  rake (~> 10.4.2, >= 10.4.2)
  redcarpet (~> 3.2.2, >= 3.2.2)
  rspec (~> 2.14.1, >= 2.14.1)
  rspec_junit_formatter!
  simplecov (~> 0.9.2, >= 0.9.2)
  typhoeus (~> 0.7.1, >= 0.7.1)
  vcr (~> 2.9.3, >= 2.9.3)
  webmock (~> 1.21.0, >= 1.21.0)
  yard (~> 0.8.7, >= 0.8.7.6)
