PATH
  remote: .
  specs:
    circleci (0.2.3)
      httparty (~> 0.13)

GEM
  remote: https://rubygems.org/
  specs:
    addressable (2.4.0)
    ast (2.2.0)
    builder (3.2.2)
    coderay (1.1.0)
    coveralls (0.8.11)
      json (~> 1.8)
      simplecov (~> 0.11.0)
      term-ansicolor (~> 1.3)
      thor (~> 0.19.1)
      tins (~> 1.6.0)
    crack (0.4.3)
      safe_yaml (~> 1.0.0)
    diff-lcs (1.2.5)
    docile (1.1.5)
    dotenv (2.1.0)
    ethon (0.8.1)
      ffi (>= 1.3.0)
    ffi (1.9.10)
    gemcutter (0.7.1)
    hashdiff (0.3.0)
    httparty (0.13.7)
      json (~> 1.8)
      multi_xml (>= 0.5.2)
    json (1.8.3)
    method_source (0.8.2)
    multi_json (1.11.2)
    multi_xml (0.5.5)
    parser (2.3.0.6)
      ast (~> 2.2)
    powerpack (0.1.1)
    pry (0.10.3)
      coderay (~> 1.1.0)
      method_source (~> 0.8.1)
      slop (~> 3.4)
    rainbow (2.1.0)
    rake (10.5.0)
    redcarpet (3.3.4)
    rspec (2.14.1)
      rspec-core (~> 2.14.0)
      rspec-expectations (~> 2.14.0)
      rspec-mocks (~> 2.14.0)
    rspec-core (2.14.8)
    rspec-expectations (2.14.5)
      diff-lcs (>= 1.1.3, < 2.0)
    rspec-mocks (2.14.6)
    rspec_junit_formatter (0.2.3)
      builder (< 4)
      rspec-core (>= 2, < 4, != 2.12.0)
    rubocop (0.37.2)
      parser (>= 2.3.0.4, < 3.0)
      powerpack (~> 0.1)
      rainbow (>= 1.99.1, < 3.0)
      ruby-progressbar (~> 1.7)
      unicode-display_width (~> 0.3)
    ruby-progressbar (1.7.5)
    safe_yaml (1.0.4)
    simplecov (0.11.2)
      docile (~> 1.1.0)
      json (~> 1.8)
      simplecov-html (~> 0.10.0)
    simplecov-html (0.10.0)
    slop (3.6.0)
    term-ansicolor (1.3.2)
      tins (~> 1.0)
    thor (0.19.1)
    tins (1.6.0)
    typhoeus (1.0.1)
      ethon (>= 0.8.0)
    unicode-display_width (0.3.1)
    vcr (3.0.1)
    webmock (1.24.0)
      addressable (>= 2.3.6)
      crack (>= 0.3.2)
      hashdiff
    yard (0.8.7.6)

PLATFORMS
  ruby

DEPENDENCIES
  circleci!
  coveralls (~> 0.8.11, >= 0.8.11)
  dotenv (~> 2.1.0, >= 2.1.0)
  gemcutter (~> 0.7.1, >= 0.7.1)
  multi_json (~> 1.11.2, >= 1.11.2)
  pry
  rake (~> 10.5.0, >= 10.5.0)
  redcarpet (~> 3.3.4, >= 3.3.4)
  rspec (~> 2.14.1, >= 2.14.1)
  rspec_junit_formatter (= 0.2.3)
  rubocop (~> 0.37.2, >= 0.37.2)
  simplecov (~> 0.11.2, >= 0.11.2)
  typhoeus (~> 1.0.1, >= 1.0.1)
  vcr (~> 3.0.1, >= 3.0.1)
  webmock (~> 1.24.0, >= 1.24.0)
  yard (~> 0.8.7, >= 0.8.7)

BUNDLED WITH
   1.11.2
