GIT
  remote: git@github.com:circleci/rspec_junit_formatter.git
  revision: 7b098c8ab2ac5e5f78190b51629ed6d67a9de4d1
  specs:
    rspec_junit_formatter (0.2.0)
      builder (< 4)
      rspec (>= 2, < 4)
      rspec-core (!= 2.12.0)

PATH
  remote: .
  specs:
    circleci (0.0.9)
      rest-client (~> 1.7.2, >= 1.7.2)

GEM
  remote: https://rubygems.org/
  specs:
    addressable (2.3.6)
    builder (3.2.2)
    coderay (1.1.0)
    coveralls (0.7.1)
      multi_json (~> 1.3)
      rest-client
      simplecov (>= 0.7)
      term-ansicolor
      thor
    crack (0.4.2)
      safe_yaml (~> 1.0.0)
    diff-lcs (1.2.5)
    docile (1.1.5)
    dotenv (1.0.2)
    ethon (0.7.1)
      ffi (>= 1.3.0)
    ffi (1.9.6)
    gemcutter (0.7.1)
    method_source (0.8.2)
    mime-types (2.4.3)
    multi_json (1.10.1)
    netrc (0.8.0)
    pry (0.10.1)
      coderay (~> 1.1.0)
      method_source (~> 0.8.1)
      slop (~> 3.4)
    rake (10.3.2)
    redcarpet (3.2.0)
    rest-client (1.7.2)
      mime-types (>= 1.16, < 3.0)
      netrc (~> 0.7)
    rspec (2.14.1)
      rspec-core (~> 2.14.0)
      rspec-expectations (~> 2.14.0)
      rspec-mocks (~> 2.14.0)
    rspec-core (2.14.8)
    rspec-expectations (2.14.5)
      diff-lcs (>= 1.1.3, < 2.0)
    rspec-mocks (2.14.6)
    safe_yaml (1.0.4)
    simplecov (0.9.1)
      docile (~> 1.1.0)
      multi_json (~> 1.0)
      simplecov-html (~> 0.8.0)
    simplecov-html (0.8.0)
    slop (3.6.0)
    term-ansicolor (1.3.0)
      tins (~> 1.0)
    thor (0.19.1)
    tins (1.3.3)
    typhoeus (0.6.9)
      ethon (>= 0.7.1)
    vcr (2.9.3)
    webmock (1.17.4)
      addressable (>= 2.2.7)
      crack (>= 0.3.2)
    yard (0.8.7.6)

PLATFORMS
  ruby

DEPENDENCIES
  circleci!
  coveralls (~> 0.7.1, >= 0.7.1)
  dotenv (~> 1.0.2, >= 1.0.2)
  gemcutter (~> 0.7.1, >= 0.7.1)
  pry (~> 0.10.1, >= 0.10.1)
  rake (~> 10.3.2, >= 10.3.2)
  redcarpet (~> 3.2.0, >= 3.2.0)
  rspec (~> 2.14.1, >= 2.14.1)
  rspec_junit_formatter!
  simplecov (~> 0.9.1, >= 0.9.1)
  typhoeus (~> 0.6.9, >= 0.6.9)
  vcr (~> 2.9.3, >= 2.9.3)
  webmock (~> 1.17.4, >= 1.17.4)
  yard (~> 0.8.7, >= 0.8.7.6)
